GEM
  remote: http://rubygems.org/
  specs:
    bubble-wrap (0.1.1)

PLATFORMS
  java
  ruby

DEPENDENCIES
  bubble-wrap
